GEM
  remote: http://rubygems.org/
  specs:
    Ascii85 (1.0.1)
    builder (3.0.0)
    happymapper (0.4.0)
      libxml-ruby (~> 2.0)
    libxml-ruby (2.3.2)
    mime-types (1.18)
    nokogiri (1.5.2)
    pdf-reader (1.1.0)
      Ascii85 (~> 1.0.0)
      ruby-rc4
    pivotal-tracker (0.5.3)
      builder
      builder
      happymapper (>= 0.3.2)
      happymapper (>= 0.3.2)
      nokogiri (>= 1.4.3)
      nokogiri (~> 1.4)
      rest-client (~> 1.6.0)
      rest-client (~> 1.6.0)
    prawn (0.12.0)
      pdf-reader (>= 0.9.0)
      ttfunk (~> 1.0.2)
    rest-client (1.6.7)
      mime-types (>= 1.16)
    ruby-rc4 (0.1.5)
    thor (0.14.6)
    ttfunk (1.0.3)

PLATFORMS
  ruby

DEPENDENCIES
  pivotal-tracker
  prawn
  thor
